GIT
  remote: https://github.com/kspurgin/almost_standard.git
  revision: 2778fd70246404e9f285a1a41eff3099cdade9ff
  branch: main
  specs:
    almost_standard (1.0.1)
      bundler
      rubocop
      rubocop-rspec
      standard

GIT
  remote: https://github.com/kspurgin/rspec-custom.git
  revision: 4c65dd3a0a02dffc17703e8e8d0513d64ba4cad9
  branch: main
  specs:
    rspec-custom (1.0.0)
      rspec-core

GIT
  remote: https://github.com/lyrasis/kiba-extend.git
  revision: 1913761da61cdbc9a21f760494d1a5c15df22b73
  branch: main
  specs:
    kiba-extend (4.1.0)
      activesupport
      amazing_print
      bigdecimal
      csv
      dry-configurable
      dry-container
      kiba
      kiba-common
      marc
      measured
      thor
      xxhash
      zeitwerk

GEM
  remote: https://rubygems.org/
  specs:
    activesupport (8.0.2)
      base64
      benchmark (>= 0.3)
      bigdecimal
      concurrent-ruby (~> 1.0, >= 1.3.1)
      connection_pool (>= 2.2.5)
      drb
      i18n (>= 1.6, < 2)
      logger (>= 1.4.2)
      minitest (>= 5.1)
      securerandom (>= 0.3)
      tzinfo (~> 2.0, >= 2.0.5)
      uri (>= 0.13.1)
    amazing_print (1.7.2)
    ast (2.4.3)
    base64 (0.2.0)
    benchmark (0.4.0)
    bigdecimal (3.1.9)
    coderay (1.1.3)
    concurrent-ruby (1.3.5)
    connection_pool (2.5.0)
    csv (3.3.3)
    diff-lcs (1.6.1)
    drb (2.2.1)
    dry-configurable (1.3.0)
      dry-core (~> 1.1)
      zeitwerk (~> 2.6)
    dry-container (0.11.0)
      concurrent-ruby (~> 1.0)
    dry-core (1.1.0)
      concurrent-ruby (~> 1.0)
      logger
      zeitwerk (~> 2.6)
    i18n (1.14.7)
      concurrent-ruby (~> 1.0)
    json (2.10.2)
    kiba (4.0.0)
    kiba-common (1.5.0)
      kiba (>= 3.0.0, < 5)
    language_server-protocol (3.17.0.4)
    lint_roller (1.1.0)
    logger (1.7.0)
    marc (1.3.0)
      nokogiri (~> 1.0)
      rexml
    measured (3.2.0)
      activesupport (>= 5.2)
    method_source (1.0.0)
    minitest (5.25.5)
    nokogiri (1.18.6-x86_64-darwin)
      racc (~> 1.4)
    nokogiri (1.18.6-x86_64-linux-gnu)
      racc (~> 1.4)
    parallel (1.26.3)
    parser (3.3.7.3)
      ast (~> 2.4.1)
      racc
    prism (1.4.0)
    pry (0.14.2)
      coderay (~> 1.1)
      method_source (~> 1.0)
    racc (1.8.1)
    rainbow (3.1.1)
    rake (13.0.6)
    regexp_parser (2.10.0)
    rexml (3.4.1)
    rspec (3.13.0)
      rspec-core (~> 3.13.0)
      rspec-expectations (~> 3.13.0)
      rspec-mocks (~> 3.13.0)
    rspec-core (3.13.3)
      rspec-support (~> 3.13.0)
    rspec-expectations (3.13.3)
      diff-lcs (>= 1.2.0, < 2.0)
      rspec-support (~> 3.13.0)
    rspec-mocks (3.13.2)
      diff-lcs (>= 1.2.0, < 2.0)
      rspec-support (~> 3.13.0)
    rspec-support (3.13.2)
    rubocop (1.73.2)
      json (~> 2.3)
      language_server-protocol (~> 3.17.0.2)
      lint_roller (~> 1.1.0)
      parallel (~> 1.10)
      parser (>= 3.3.0.2)
      rainbow (>= 2.2.2, < 4.0)
      regexp_parser (>= 2.9.3, < 3.0)
      rubocop-ast (>= 1.38.0, < 2.0)
      ruby-progressbar (~> 1.7)
      unicode-display_width (>= 2.4.0, < 4.0)
    rubocop-ast (1.43.0)
      parser (>= 3.3.7.2)
      prism (~> 1.4)
    rubocop-performance (1.24.0)
      lint_roller (~> 1.1)
      rubocop (>= 1.72.1, < 2.0)
      rubocop-ast (>= 1.38.0, < 2.0)
    rubocop-rspec (3.5.0)
      lint_roller (~> 1.1)
      rubocop (~> 1.72, >= 1.72.1)
    ruby-progressbar (1.13.0)
    securerandom (0.4.1)
    standard (1.47.0)
      language_server-protocol (~> 3.17.0.2)
      lint_roller (~> 1.0)
      rubocop (~> 1.73.0)
      standard-custom (~> 1.0.0)
      standard-performance (~> 1.7)
    standard-custom (1.0.2)
      lint_roller (~> 1.0)
      rubocop (~> 1.50)
    standard-performance (1.7.0)
      lint_roller (~> 1.1)
      rubocop-performance (~> 1.24.0)
    thor (1.3.2)
    tzinfo (2.0.6)
      concurrent-ruby (~> 1.0)
    unicode-display_width (3.1.4)
      unicode-emoji (~> 4.0, >= 4.0.4)
    unicode-emoji (4.0.4)
    uri (1.0.3)
    xxhash (0.6.0)
    zeitwerk (2.7.2)

PLATFORMS
  x86_64-darwin-20
  x86_64-darwin-22
  x86_64-linux

DEPENDENCIES
  almost_standard!
  kiba-extend (~> 4.1.0)!
  pry
  rake
  rspec
  rspec-custom!

BUNDLED WITH
   2.3.9
