GIT
  remote: https://github.com/lyrasis/kiba-extend.git
  revision: d7e2fa15e7f0e048ad67302618990eaaf69cc247
  branch: main
  specs:
    kiba-extend (3.2.0)
      activesupport (~> 6)
      amazing_print (~> 1.4)
      csv (~> 3)
      dry-configurable (~> 0)
      dry-container (~> 0)
      kiba (~> 4)
      kiba-common (~> 1)
      measured (~> 2)
      thor (~> 1)
      xxhash (~> 0)
      zeitwerk (~> 2.5)

GEM
  remote: https://rubygems.org/
  specs:
    activesupport (6.1.7)
      concurrent-ruby (~> 1.0, >= 1.0.2)
      i18n (>= 1.6, < 2)
      minitest (>= 5.1)
      tzinfo (~> 2.0)
      zeitwerk (~> 2.3)
    amazing_print (1.4.0)
    coderay (1.1.3)
    concurrent-ruby (1.1.10)
    csv (3.2.5)
    diff-lcs (1.5.0)
    dry-configurable (0.15.0)
      concurrent-ruby (~> 1.0)
      dry-core (~> 0.6)
    dry-container (0.11.0)
      concurrent-ruby (~> 1.0)
    dry-core (0.8.1)
      concurrent-ruby (~> 1.0)
    i18n (1.12.0)
      concurrent-ruby (~> 1.0)
    kiba (4.0.0)
    kiba-common (1.5.0)
      kiba (>= 3.0.0, < 5)
    measured (2.8.2)
      activesupport (>= 5.2)
    method_source (1.0.0)
    minitest (5.16.3)
    pry (0.13.1)
      coderay (~> 1.1)
      method_source (~> 1.0)
    rake (12.3.3)
    rspec (3.11.0)
      rspec-core (~> 3.11.0)
      rspec-expectations (~> 3.11.0)
      rspec-mocks (~> 3.11.0)
    rspec-core (3.11.0)
      rspec-support (~> 3.11.0)
    rspec-expectations (3.11.1)
      diff-lcs (>= 1.2.0, < 2.0)
      rspec-support (~> 3.11.0)
    rspec-mocks (3.11.1)
      diff-lcs (>= 1.2.0, < 2.0)
      rspec-support (~> 3.11.0)
    rspec-support (3.11.1)
    thor (1.2.1)
    tzinfo (2.0.5)
      concurrent-ruby (~> 1.0)
    xxhash (0.5.0)
    zeitwerk (2.6.0)

PLATFORMS
  x86_64-darwin-20

DEPENDENCIES
  bundler (~> 2.3.9)
  kiba-extend (~> 3.2)!
  pry (~> 0.13.0)
  rake (~> 12.0)
  rspec (~> 3.11)

BUNDLED WITH
   2.3.9
