GIT
  remote: https://github.com/lyrasis/kiba-extend.git
  revision: 189ba118df5d7021d77ead50cada15794ea85fe6
  branch: main
  specs:
    kiba-extend (2.7.0)
      activesupport (~> 6)
      amazing_print (~> 1.4)
      csv (~> 3)
      dry-configurable (~> 0)
      dry-container (~> 0)
      kiba (~> 4)
      kiba-common (~> 1)
      measured (~> 2)
      thor (~> 1)
      xxhash (~> 0)

GEM
  remote: https://rubygems.org/
  specs:
    activesupport (6.1.5)
      concurrent-ruby (~> 1.0, >= 1.0.2)
      i18n (>= 1.6, < 2)
      minitest (>= 5.1)
      tzinfo (~> 2.0)
      zeitwerk (~> 2.3)
    amazing_print (1.4.0)
    coderay (1.1.3)
    concurrent-ruby (1.1.9)
    csv (3.2.2)
    diff-lcs (1.4.4)
    dry-configurable (0.14.0)
      concurrent-ruby (~> 1.0)
      dry-core (~> 0.6)
    dry-container (0.9.0)
      concurrent-ruby (~> 1.0)
      dry-configurable (~> 0.13, >= 0.13.0)
    dry-core (0.7.1)
      concurrent-ruby (~> 1.0)
    i18n (1.10.0)
      concurrent-ruby (~> 1.0)
    kiba (4.0.0)
    kiba-common (1.5.0)
      kiba (>= 3.0.0, < 5)
    measured (2.8.2)
      activesupport (>= 5.2)
    method_source (1.0.0)
    minitest (5.15.0)
    pry (0.13.1)
      coderay (~> 1.1)
      method_source (~> 1.0)
    rake (12.3.3)
    rspec (3.10.0)
      rspec-core (~> 3.10.0)
      rspec-expectations (~> 3.10.0)
      rspec-mocks (~> 3.10.0)
    rspec-core (3.10.1)
      rspec-support (~> 3.10.0)
    rspec-expectations (3.10.1)
      diff-lcs (>= 1.2.0, < 2.0)
      rspec-support (~> 3.10.0)
    rspec-mocks (3.10.2)
      diff-lcs (>= 1.2.0, < 2.0)
      rspec-support (~> 3.10.0)
    rspec-support (3.10.2)
    thor (1.2.1)
    tzinfo (2.0.4)
      concurrent-ruby (~> 1.0)
    xxhash (0.4.0)
    zeitwerk (2.5.4)

PLATFORMS
  x86_64-darwin-20

DEPENDENCIES
  bundler (~> 2.3.9)
  kiba-extend (~> 2.7.0)!
  pry (~> 0.13.0)
  rake (~> 12.0)
  rspec (~> 3.0)

BUNDLED WITH
   2.3.9
